PATH
  remote: .
  specs:
    rpdoc (0.2.4)
      activesupport (>= 7.1)
      json_requester (>= 2.0.1)

GEM
  remote: https://rubygems.org/
  specs:
    actionpack (7.2.1)
      actionview (= 7.2.1)
      activesupport (= 7.2.1)
      nokogiri (>= 1.8.5)
      racc
      rack (>= 2.2.4, < 3.2)
      rack-session (>= 1.0.1)
      rack-test (>= 0.6.3)
      rails-dom-testing (~> 2.2)
      rails-html-sanitizer (~> 1.6)
      useragent (~> 0.16)
    actionview (7.2.1)
      activesupport (= 7.2.1)
      builder (~> 3.1)
      erubi (~> 1.11)
      rails-dom-testing (~> 2.2)
      rails-html-sanitizer (~> 1.6)
    activesupport (7.2.1)
      base64
      bigdecimal
      concurrent-ruby (~> 1.0, >= 1.3.1)
      connection_pool (>= 2.2.5)
      drb
      i18n (>= 1.6, < 2)
      logger (>= 1.4.2)
      minitest (>= 5.1)
      securerandom (>= 0.3)
      tzinfo (~> 2.0, >= 2.0.5)
    ast (2.4.2)
    base64 (0.2.0)
    bigdecimal (3.1.8)
    builder (3.3.0)
    coderay (1.1.3)
    concurrent-ruby (1.3.4)
    connection_pool (2.4.1)
    crass (1.0.6)
    diff-lcs (1.5.1)
    drb (2.2.1)
    erubi (1.13.0)
    faraday (2.13.2)
      faraday-net_http (>= 2.0, < 3.5)
      json
      logger
    faraday-multipart (1.1.1)
      multipart-post (~> 2.0)
    faraday-net_http (3.4.1)
      net-http (>= 0.5.0)
    i18n (1.14.6)
      concurrent-ruby (~> 1.0)
    io-console (0.7.2)
    irb (1.14.1)
      rdoc (>= 4.0.0)
      reline (>= 0.4.2)
    json (2.7.2)
    json_requester (2.0.1)
      faraday (~> 2.0, >= 2.0.1)
      faraday-multipart (~> 1.1.0)
    language_server-protocol (3.17.0.3)
    lint_roller (1.1.0)
    logger (1.6.1)
    loofah (2.22.0)
      crass (~> 1.0.2)
      nokogiri (>= 1.12.0)
    method_source (1.1.0)
    minitest (5.25.1)
    multipart-post (2.4.1)
    net-http (0.6.0)
      uri
    nokogiri (1.18.8-arm64-darwin)
      racc (~> 1.4)
    parallel (1.26.3)
    parser (3.3.8.0)
      ast (~> 2.4.1)
      racc
    prism (1.4.0)
    pry (0.14.2)
      coderay (~> 1.1)
      method_source (~> 1.0)
    psych (5.1.2)
      stringio
    racc (1.8.1)
    rack (3.1.7)
    rack-session (2.0.0)
      rack (>= 3.0.0)
    rack-test (2.1.0)
      rack (>= 1.3)
    rackup (2.1.0)
      rack (>= 3)
      webrick (~> 1.8)
    rails-dom-testing (2.2.0)
      activesupport (>= 5.0.0)
      minitest
      nokogiri (>= 1.6)
    rails-html-sanitizer (1.6.0)
      loofah (~> 2.21)
      nokogiri (~> 1.14)
    railties (7.2.1)
      actionpack (= 7.2.1)
      activesupport (= 7.2.1)
      irb (~> 1.13)
      rackup (>= 1.0.0)
      rake (>= 12.2)
      thor (~> 1.0, >= 1.2.2)
      zeitwerk (~> 2.6)
    rainbow (3.1.1)
    rake (13.2.1)
    rdoc (6.7.0)
      psych (>= 4.0.0)
    regexp_parser (2.10.0)
    reline (0.5.10)
      io-console (~> 0.5)
    rspec (3.13.0)
      rspec-core (~> 3.13.0)
      rspec-expectations (~> 3.13.0)
      rspec-mocks (~> 3.13.0)
    rspec-core (3.13.1)
      rspec-support (~> 3.13.0)
    rspec-expectations (3.13.3)
      diff-lcs (>= 1.2.0, < 2.0)
      rspec-support (~> 3.13.0)
    rspec-mocks (3.13.2)
      diff-lcs (>= 1.2.0, < 2.0)
      rspec-support (~> 3.13.0)
    rspec-support (3.13.1)
    rubocop (1.78.0)
      json (~> 2.3)
      language_server-protocol (~> 3.17.0.2)
      lint_roller (~> 1.1.0)
      parallel (~> 1.10)
      parser (>= 3.3.0.2)
      rainbow (>= 2.2.2, < 4.0)
      regexp_parser (>= 2.9.3, < 3.0)
      rubocop-ast (>= 1.45.1, < 2.0)
      ruby-progressbar (~> 1.7)
      unicode-display_width (>= 2.4.0, < 4.0)
    rubocop-ast (1.46.0)
      parser (>= 3.3.7.2)
      prism (~> 1.4)
    ruby-progressbar (1.13.0)
    securerandom (0.3.1)
    stringio (3.1.1)
    thor (1.3.2)
    tzinfo (2.0.6)
      concurrent-ruby (~> 1.0)
    unicode-display_width (2.6.0)
    uri (1.0.3)
    useragent (0.16.10)
    webrick (1.8.2)
    zeitwerk (2.6.18)

PLATFORMS
  ruby

DEPENDENCIES
  pry (>= 0.14.1)
  railties (>= 6.1.4)
  rpdoc!
  rspec (>= 3.13)
  rubocop (>= 1.78)

BUNDLED WITH
   2.7.0
